GIT
  remote: git://github.com/TimPetricola/dropbox-sdk-ruby.git
  revision: 55bcecb4ee3df52b1224d0f93d6e7fa169cc8ac5
  specs:
    dropbox-sdk (1.6.4)
      json

GEM
  remote: https://rubygems.org/
  specs:
    coderay (1.0.9)
    dalli (2.7.2)
    dotenv (0.11.1)
      dotenv-deployment (~> 0.0.2)
    dotenv-deployment (0.0.2)
    foreman (0.74.0)
      dotenv (~> 0.11.1)
      thor (~> 0.19.1)
    json (1.8.1)
    method_source (0.8.1)
    pry (0.9.12)
      coderay (~> 1.0.5)
      method_source (~> 0.8)
      slop (~> 3.4)
    puma (2.9.0)
      rack (>= 1.1, < 2.0)
    rack (1.5.2)
    rack-cache (1.2)
      rack (>= 0.4)
    rack-protection (1.5.3)
      rack
    rack-ssl (1.4.1)
      rack
    sinatra (1.4.5)
      rack (~> 1.4)
      rack-protection (~> 1.4)
      tilt (~> 1.3, >= 1.3.4)
    slop (3.6.0)
    thor (0.19.1)
    tilt (1.4.1)

PLATFORMS
  ruby

DEPENDENCIES
  dalli
  dropbox-sdk!
  foreman
  pry
  puma
  rack-cache
  rack-ssl
  sinatra

BUNDLED WITH
   1.11.2
